PATH
  remote: .
  specs:
    env_sync (1.0.2)

GEM
  remote: https://rubygems.org/
  specs:
    minitest (5.13.0)
    rake (13.0.1)

PLATFORMS
  ruby

DEPENDENCIES
  bundler (~> 1.16)
  env_sync!
  minitest (~> 5.0)
  rake (~> 13.0)

BUNDLED WITH
   1.16.1
